PATH
  remote: .
  specs:
    schedule_as_geometry (0.1.0)
      rgeo (>= 3.0.1)

GEM
  remote: https://rubygems.org/
  specs:
    ast (2.4.2)
    byebug (11.1.3)
    json (2.7.2)
    language_server-protocol (3.17.0.3)
    lefthook (1.6.10)
    parallel (1.24.0)
    parser (3.3.0.5)
      ast (~> 2.4.1)
      racc
    racc (1.7.3)
    rainbow (3.1.1)
    rake (13.2.1)
    regexp_parser (2.9.0)
    rexml (3.2.6)
    rgeo (3.0.1)
    rubocop (1.63.3)
      json (~> 2.3)
      language_server-protocol (>= 3.17.0)
      parallel (~> 1.10)
      parser (>= 3.3.0.2)
      rainbow (>= 2.2.2, < 4.0)
      regexp_parser (>= 1.8, < 3.0)
      rexml (>= 3.2.5, < 4.0)
      rubocop-ast (>= 1.31.1, < 2.0)
      ruby-progressbar (~> 1.7)
      unicode-display_width (>= 2.4.0, < 3.0)
    rubocop-ast (1.31.2)
      parser (>= 3.3.0.4)
    ruby-progressbar (1.13.0)
    unicode-display_width (2.5.0)

PLATFORMS
  arm64-darwin-22
  ruby

DEPENDENCIES
  byebug
  lefthook
  rake (~> 13.0)
  rubocop
  schedule_as_geometry!

BUNDLED WITH
   2.5.4
